GEM
  remote: https://rubygems.org/
  specs:
    actionmailer (2.3.18)
      actionpack (= 2.3.18)
    actionpack (2.3.18)
      activesupport (= 2.3.18)
      rack (~> 1.1.0)
    activerecord (2.3.18)
      activesupport (= 2.3.18)
    activeresource (2.3.18)
      activesupport (= 2.3.18)
    activesupport (2.3.18)
    aws-sdk (1.11.0)
      json (~> 1.4)
      nokogiri (>= 1.4.4)
      uuidtools (~> 2.1)
    bcrypt-ruby (3.0.1)
    builder (3.2.1)
    calais (0.0.13)
      json (>= 1.1.3)
      nokogiri (>= 1.3.3)
    closure-compiler (1.1.10)
    cloud-crowd (0.6.2)
      activerecord (~> 2.3)
      json (>= 1.1.7)
      rest-client (>= 1.4)
      sinatra (~> 0.9)
      thin (>= 1.2.4)
    cssmin (1.0.3)
    curb (0.8.4)
    daemons (1.1.9)
    docsplit (0.7.2)
    eventmachine (1.0.3)
    faraday (0.8.7)
      multipart-post (~> 1.1)
    fastercsv (1.5.5)
    hashie (2.0.5)
    httpauth (0.2.0)
    jammit (0.6.6)
      cssmin (>= 1.0.3)
      jsmin (>= 1.0.1)
    jsmin (1.0.1)
    json (1.8.0)
    mime-types (1.23)
    multi_json (1.7.4)
    multipart-post (1.2.0)
    nokogiri (1.5.5)
    oauth (0.4.7)
    oauth2 (0.6.1)
      faraday (~> 0.7)
      httpauth (~> 0.1)
      multi_json (~> 1.3)
    omniauth (1.1.4)
      hashie (>= 1.2, < 3)
      rack
    omniauth-facebook (1.4.0)
      omniauth-oauth2 (~> 1.0.2)
    omniauth-google-oauth2 (0.1.17)
      omniauth (~> 1.0)
      omniauth-oauth2
    omniauth-oauth (1.0.1)
      oauth
      omniauth (~> 1.0)
    omniauth-oauth2 (1.0.2)
      oauth2 (~> 0.6.0)
      omniauth (~> 1.0)
    omniauth-twitter (0.0.16)
      multi_json (~> 1.3)
      omniauth-oauth (~> 1.0)
    pdftailor (0.0.1)
    pg (0.15.1)
    pr_geohash (1.0.0)
    rack (1.1.6)
    rails (2.3.18)
      actionmailer (= 2.3.18)
      actionpack (= 2.3.18)
      activerecord (= 2.3.18)
      activeresource (= 2.3.18)
      activesupport (= 2.3.18)
      rake (>= 0.8.3)
    rake (10.0.4)
    rdiscount (2.1.6)
    rest-client (1.6.7)
      mime-types (>= 1.16)
    right_aws (3.0.5)
      right_http_connection (>= 1.2.5)
    right_http_connection (1.3.0)
    rsolr (1.0.9)
      builder (>= 2.1.2)
    rubyzip (0.9.9)
    sanitize (2.0.3)
      nokogiri (>= 1.4.4, < 1.6)
    sinatra (0.9.6)
      rack (>= 0.9.1)
    sqlite3 (1.3.7)
    sunspot (2.0.0)
      pr_geohash (~> 1.0)
      rsolr (~> 1.0.7)
    sunspot_rails (2.0.0)
      nokogiri
      sunspot (= 2.0.0)
    sunspot_solr (2.0.0.pre.130115)
    thin (1.5.1)
      daemons (>= 1.0.9)
      eventmachine (>= 0.12.6)
      rack (>= 1.0.0)
    uuidtools (2.1.4)

PLATFORMS
  ruby

DEPENDENCIES
  aws-sdk (>= 1.7.1)
  bcrypt-ruby (>= 2.1.2)
  calais (>= 0.0.11)
  closure-compiler
  cloud-crowd
  curb
  docsplit (>= 0.6.4)
  fastercsv (>= 1.5.3)
  jammit
  json (>= 1.7.7)
  nokogiri (= 1.5.5)
  omniauth (>= 1.0)
  omniauth-facebook (>= 1.4.0)
  omniauth-google-oauth2 (>= 0.1.13)
  omniauth-twitter (>= 0.0.13)
  pdftailor
  pg (>= 0.11.0)
  rails (~> 2.3.18)
  rake
  rdiscount (>= 1.6.5)
  rest-client (>= 1.0.3)
  right_aws (>= 2.0.1)
  rubyzip (>= 0.9.1)
  sanitize
  sqlite3
  sunspot_rails (>= 1.3.3)
  sunspot_solr (>= 2.0.0.pre.120925)
